GEM
  remote: https://rubygems.org/
  specs:
    awesome_print (1.8.0)
    coderay (1.1.3)
    json (2.3.1)
    method_source (1.0.0)
    net-http (0.1.0)
    pry (0.13.1)
      coderay (~> 1.1)
      method_source (~> 1.0)
    rake (12.3.3)

PLATFORMS
  ruby

DEPENDENCIES
  awesome_print
  json
  net-http
  pry
  rake (~> 12.0)

BUNDLED WITH
   2.1.4
